GIT
  remote: https://github.com/amtheguy/searchjoy
  revision: 6a3f70a77249a5d6e17ccf57899d035aad35bfe8
  specs:
    searchjoy (0.3.0)
      activerecord (>= 4)
      chartkick (>= 2)
      groupdate (>= 3)

GIT
  remote: https://github.com/flori/json.git
  revision: 7f4cfd853f2c919d854fb95548a19980feff17e8
  branch: v1.8
  specs:
    json (1.8.6)

GEM
  remote: https://rubygems.org/
  specs:
    actioncable (5.2.8)
      actionpack (= 5.2.8)
      nio4r (~> 2.0)
      websocket-driver (>= 0.6.1)
    actionmailer (5.2.8)
      actionpack (= 5.2.8)
      actionview (= 5.2.8)
      activejob (= 5.2.8)
      mail (~> 2.5, >= 2.5.4)
      rails-dom-testing (~> 2.0)
    actionpack (5.2.8)
      actionview (= 5.2.8)
      activesupport (= 5.2.8)
      rack (~> 2.0, >= 2.0.8)
      rack-test (>= 0.6.3)
      rails-dom-testing (~> 2.0)
      rails-html-sanitizer (~> 1.0, >= 1.0.2)
    actionview (5.2.8)
      activesupport (= 5.2.8)
      builder (~> 3.1)
      erubi (~> 1.4)
      rails-dom-testing (~> 2.0)
      rails-html-sanitizer (~> 1.0, >= 1.0.3)
    activejob (5.2.8)
      activesupport (= 5.2.8)
      globalid (>= 0.3.6)
    activemodel (5.2.8)
      activesupport (= 5.2.8)
    activerecord (5.2.8)
      activemodel (= 5.2.8)
      activesupport (= 5.2.8)
      arel (>= 9.0)
    activestorage (5.2.8)
      actionpack (= 5.2.8)
      activerecord (= 5.2.8)
      marcel (~> 1.0.0)
    activesupport (5.2.8)
      concurrent-ruby (~> 1.0, >= 1.0.2)
      i18n (>= 0.7, < 2)
      minitest (~> 5.1)
      tzinfo (~> 1.1)
    acts_as_votable (0.10.0)
    addressable (2.8.0)
      public_suffix (>= 2.0.2, < 5.0)
    arel (9.0.0)
    autoprefixer-rails (10.4.7.0)
      execjs (~> 2)
    bcrypt (3.1.18)
    binding_of_caller (1.0.0)
      debug_inspector (>= 0.0.1)
    bootsnap (1.12.0)
      msgpack (~> 1.2)
    bootstrap-sass (3.3.7)
      autoprefixer-rails (>= 5.2.1)
      sass (>= 3.3.4)
    browser (5.3.1)
    buftok (0.2.0)
    builder (3.2.4)
    byebug (11.1.3)
    chartkick (4.2.0)
    coffee-rails (5.0.0)
      coffee-script (>= 2.2.0)
      railties (>= 5.2.0)
    coffee-script (2.4.1)
      coffee-script-source
      execjs
    coffee-script-source (1.12.2)
    concurrent-ruby (1.1.10)
    crass (1.0.6)
    debug_inspector (1.1.0)
    devise (4.8.1)
      bcrypt (~> 3.0)
      orm_adapter (~> 0.1)
      railties (>= 4.1.0)
      responders
      warden (~> 1.2.3)
    domain_name (0.5.20190701)
      unf (>= 0.0.5, < 1.0.0)
    elasticsearch (7.4.0)
      elasticsearch-api (= 7.4.0)
      elasticsearch-transport (= 7.4.0)
    elasticsearch-api (7.4.0)
      multi_json
    elasticsearch-transport (7.4.0)
      faraday
      multi_json
    equalizer (0.0.10)
    erubi (1.10.0)
    execjs (2.8.1)
    faraday (0.9.2)
      multipart-post (>= 1.2, < 3)
    ffi (1.15.5)
    font-awesome-sass (4.7.0)
      sass (>= 3.2)
    foreman (0.87.2)
    globalid (1.0.0)
      activesupport (>= 5.0)
    groupdate (6.1.0)
      activesupport (>= 5.2)
    hashie (5.0.0)
    http (1.0.4)
      addressable (~> 2.3)
      http-cookie (~> 1.0)
      http-form_data (~> 1.0.1)
      http_parser.rb (~> 0.6.0)
    http-cookie (1.0.5)
      domain_name (~> 0.5)
    http-form_data (1.0.3)
    http_parser.rb (0.6.0)
    i18n (1.10.0)
      concurrent-ruby (~> 1.0)
    impressionist (1.6.1)
      nokogiri (~> 1)
    jbuilder (2.11.5)
      actionview (>= 5.0.0)
      activesupport (>= 5.0.0)
    jquery-rails (4.5.0)
      rails-dom-testing (>= 1, < 3)
      railties (>= 4.2.0)
      thor (>= 0.14, < 2.0)
    jwt (2.4.1)
    listen (3.7.1)
      rb-fsevent (~> 0.10, >= 0.10.3)
      rb-inotify (~> 0.9, >= 0.9.10)
    loofah (2.18.0)
      crass (~> 1.0.2)
      nokogiri (>= 1.5.9)
    mail (2.7.1)
      mini_mime (>= 0.1.1)
    marcel (1.0.2)
    memoizable (0.4.2)
      thread_safe (~> 0.3, >= 0.3.1)
    meta-tags (2.16.0)
      actionpack (>= 3.2.0, < 7.1)
    method_source (1.0.0)
    mini_mime (1.1.2)
    mini_portile2 (2.8.0)
    minitest (5.16.1)
    msgpack (1.5.3)
    multi_json (1.15.0)
    multi_xml (0.6.0)
    multipart-post (2.2.3)
    naught (1.1.0)
    nio4r (2.5.8)
    nokogiri (1.13.6)
      mini_portile2 (~> 2.8.0)
      racc (~> 1.4)
    oauth2 (1.4.8)
      faraday (>= 0.8, < 3.0)
      jwt (>= 1.0, < 3.0)
      multi_json (~> 1.3)
      multi_xml (~> 0.5)
      rack (>= 1.2, < 3)
    omniauth (2.1.0)
      hashie (>= 3.4.6)
      rack (>= 2.2.3)
      rack-protection
    omniauth-facebook (4.0.0)
      omniauth-oauth2 (~> 1.2)
    omniauth-oauth2 (1.8.0)
      oauth2 (>= 1.4, < 3)
      omniauth (~> 2.0)
    orm_adapter (0.5.0)
    pg (1.4.1)
    public_suffix (4.0.7)
    puma (5.6.4)
      nio4r (~> 2.0)
    punching_bag (0.7.0)
      railties (>= 3.2)
      voight_kampff (>= 1.0)
    racc (1.6.0)
    rack (2.2.4)
    rack-cors (1.1.1)
      rack (>= 2.0.0)
    rack-protection (2.2.0)
      rack
    rack-proxy (0.7.2)
      rack
    rack-test (2.0.2)
      rack (>= 1.3)
    rails (5.2.8)
      actioncable (= 5.2.8)
      actionmailer (= 5.2.8)
      actionpack (= 5.2.8)
      actionview (= 5.2.8)
      activejob (= 5.2.8)
      activemodel (= 5.2.8)
      activerecord (= 5.2.8)
      activestorage (= 5.2.8)
      activesupport (= 5.2.8)
      bundler (>= 1.3.0)
      railties (= 5.2.8)
      sprockets-rails (>= 2.0.0)
    rails-dom-testing (2.0.3)
      activesupport (>= 4.2.0)
      nokogiri (>= 1.6)
    rails-html-sanitizer (1.4.3)
      loofah (~> 2.3)
    rails_12factor (0.0.3)
      rails_serve_static_assets
      rails_stdout_logging
    rails_serve_static_assets (0.0.5)
    rails_stdout_logging (0.0.5)
    railties (5.2.8)
      actionpack (= 5.2.8)
      activesupport (= 5.2.8)
      method_source
      rake (>= 0.8.7)
      thor (>= 0.19.0, < 2.0)
    rake (13.0.6)
    rb-fsevent (0.11.1)
    rb-inotify (0.10.1)
      ffi (~> 1.0)
    responders (3.0.1)
      actionpack (>= 5.0)
      railties (>= 5.0)
    sass (3.7.4)
      sass-listen (~> 4.0.0)
    sass-listen (4.0.0)
      rb-fsevent (~> 0.9, >= 0.9.4)
      rb-inotify (~> 0.9, >= 0.9.7)
    sass-rails (5.1.0)
      railties (>= 5.2.0)
      sass (~> 3.1)
      sprockets (>= 2.8, < 4.0)
      sprockets-rails (>= 2.0, < 4.0)
      tilt (>= 1.1, < 3)
    searchkick (2.5.0)
      activemodel (>= 4.1)
      elasticsearch (>= 1)
      hashie
    semantic_range (3.0.0)
    simple_oauth (0.3.1)
    simple_token_authentication (1.17.0)
      actionmailer (>= 3.2.6, < 7)
      actionpack (>= 3.2.6, < 7)
      devise (>= 3.2, < 6)
    sitemap_generator (6.2.1)
      builder (~> 3.0)
    social-share-button (0.10.0)
      coffee-rails
    spring (4.0.0)
    sprockets (3.7.2)
      concurrent-ruby (~> 1.0)
      rack (> 1, < 3)
    sprockets-rails (3.4.2)
      actionpack (>= 5.2)
      activesupport (>= 5.2)
      sprockets (>= 3.0.0)
    thor (1.2.1)
    thread_safe (0.3.6)
    tilt (2.0.10)
    turbolinks (5.2.1)
      turbolinks-source (~> 5.2)
    turbolinks-source (5.2.0)
    twitter (5.17.0)
      addressable (~> 2.3)
      buftok (~> 0.2.0)
      equalizer (= 0.0.10)
      faraday (~> 0.9.0)
      http (~> 1.0)
      http_parser.rb (~> 0.6.0)
      json (~> 1.8)
      memoizable (~> 0.4.0)
      naught (~> 1.0)
      simple_oauth (~> 0.3.0)
    tzinfo (1.2.9)
      thread_safe (~> 0.1)
    uglifier (4.2.0)
      execjs (>= 0.3.0, < 3)
    unf (0.1.4)
      unf_ext
    unf_ext (0.0.8.2)
    voight_kampff (1.1.4)
      rack (>= 1.4, < 3.0)
    warden (1.2.9)
      rack (>= 2.0.9)
    web-console (2.3.0)
      activemodel (>= 4.0)
      binding_of_caller (>= 0.7.2)
      railties (>= 4.0)
      sprockets-rails (>= 2.0, < 4.0)
    webpacker (5.4.3)
      activesupport (>= 5.2)
      rack-proxy (>= 0.6.1)
      railties (>= 5.2)
      semantic_range (>= 2.3.0)
    websocket-driver (0.7.5)
      websocket-extensions (>= 0.1.0)
    websocket-extensions (0.1.5)
    will_paginate (3.3.1)
    will_paginate-bootstrap (1.0.2)
      will_paginate (>= 3.0.3)

PLATFORMS
  ruby

DEPENDENCIES
  actionmailer
  actionpack
  activemodel
  activesupport
  acts_as_votable (~> 0.10.0)
  bootsnap (~> 1.1, >= 1.1.7)
  bootstrap-sass (~> 3.3.6)
  browser
  byebug
  coffee-rails
  devise
  elasticsearch
  font-awesome-sass (~> 4.7)
  foreman
  impressionist (~> 1.5, >= 1.5.1)
  jbuilder
  jquery-rails
  json!
  listen
  meta-tags
  omniauth-facebook (~> 4.0)
  pg
  puma
  punching_bag
  rack-cors
  rails (~> 5.2.2)
  rails_12factor
  railties
  sass-rails (~> 5.0)
  searchjoy!
  searchkick
  simple_token_authentication
  sitemap_generator
  social-share-button (~> 0.10.0)
  spring
  turbolinks
  twitter (~> 5.16)
  uglifier (>= 1.3.0)
  web-console (~> 2.0)
  webpacker
  will_paginate (~> 3.1)
  will_paginate-bootstrap (~> 1.0, >= 1.0.1)

RUBY VERSION
   ruby 2.7.2p137

BUNDLED WITH
   2.1.4
